GEM
  remote: https://rubygems.org/
  specs:
    pqueue (2.1.0)

PLATFORMS
  ruby

DEPENDENCIES
  pqueue

RUBY VERSION
   ruby 2.3.1p112

BUNDLED WITH
   1.12.3
